GEM
  remote: http://rubygems.org/
  specs:
    bson (1.3.1)
    crack (0.1.8)
    diff-lcs (1.1.2)
    haml (3.1.1)
    httparty (0.7.8)
      crack (= 0.1.8)
    json (1.5.1)
    mongo (1.3.1)
      bson (>= 1.3.1)
    rack (1.3.0)
    rack-contrib (1.1.0)
      rack (>= 0.9.1)
    rack-flash (0.1.1)
      rack
    rspec (2.6.0)
      rspec-core (~> 2.6.0)
      rspec-expectations (~> 2.6.0)
      rspec-mocks (~> 2.6.0)
    rspec-core (2.6.3)
    rspec-expectations (2.6.0)
      diff-lcs (~> 1.1.2)
    rspec-mocks (2.6.0)
    shotgun (0.9)
      rack (>= 1.0)
    sinatra (1.2.6)
      rack (~> 1.1)
      tilt (< 2.0, >= 1.2.2)
    tilt (1.3.2)
    warden (1.0.4)
      rack (>= 1.0)

PLATFORMS
  ruby

DEPENDENCIES
  bson
  haml
  httparty
  json
  mongo
  rack-contrib
  rack-flash
  rspec
  shotgun
  sinatra
  warden
